GEM
  remote: https://rubygems.org/
  specs:
    domain_name (0.5.11)
      unf (>= 0.0.5, < 1.0.0)
    hpricot (0.8.6-java)
    htmlentities (4.3.1)
    jdbc-mysql (5.1.24)
    mechanize (2.6.0)
      domain_name (~> 0.5, >= 0.5.1)
      mime-types (~> 1.17, >= 1.17.2)
      net-http-digest_auth (~> 1.1, >= 1.1.1)
      net-http-persistent (~> 2.5, >= 2.5.2)
      nokogiri (~> 1.4)
      ntlm-http (~> 0.1, >= 0.1.1)
      webrobots (>= 0.0.9, < 0.2)
    mime-types (1.23)
    net-http-digest_auth (1.3)
    net-http-persistent (2.8)
    nokogiri (1.5.9-java)
    ntlm-http (0.1.1)
    sequel (3.47.0)
    unf (0.1.1-java)
    webrobots (0.1.1)

PLATFORMS
  java

DEPENDENCIES
  hpricot
  htmlentities
  jdbc-mysql
  mechanize
  sequel
